GEM
  remote: https://rubygems.org/
  specs:
    json (2.3.1)
    mustermann (2.0.2)
      ruby2_keywords (~> 0.0.1)
    r18n-core (4.0.0)
    rack (2.2.6.4)
    rack-contrib (2.2.0)
      rack (~> 2.0)
    rack-protection (2.2.3)
      rack
    ruby2_keywords (0.0.5)
    sinatra (2.2.3)
      mustermann (~> 2.0)
      rack (~> 2.2)
      rack-protection (= 2.2.3)
      tilt (~> 2.0)
    sinatra-r18n (4.0.0)
      r18n-core (= 4.0.0)
      sinatra (>= 1.3, < 3)
    sqlite3 (1.4.2)
    tilt (2.0.11)

PLATFORMS
  ruby

DEPENDENCIES
  json
  rack
  rack-contrib
  sinatra (~> 2.2.3)
  sinatra-r18n
  sqlite3

BUNDLED WITH
   2.1.0
